GEM
  specs:
    addressable (2.8.1)
      public_suffix (>= 2.0.2, < 6.0)
    capybara (3.38.0)
      addressable
      matrix
      mini_mime (>= 0.1.3)
      nokogiri (~> 1.8)
      rack (>= 1.6.0)
      rack-test (>= 0.6.3)
      regexp_parser (>= 1.5, < 3.0)
      xpath (~> 3.2)
    diff-lcs (1.5.0)
    docile (1.4.0)
    matrix (0.4.2)
    mini_mime (1.1.2)
    mustermann (3.0.0)
      ruby2_keywords (~> 0.0.1)
    nokogiri (1.14.1-x86_64-linux)
      racc (~> 1.4)
    public_suffix (5.0.1)
    racc (1.6.2)
    rack (2.2.6.2)
    rack-protection (3.0.5)
      rack
    rack-test (2.0.2)
      rack (>= 1.3)
    regexp_parser (2.7.0)
    rexml (3.2.5)
    rspec (3.12.0)
      rspec-core (~> 3.12.0)
      rspec-expectations (~> 3.12.0)
      rspec-mocks (~> 3.12.0)
    rspec-core (3.12.0)
      rspec-support (~> 3.12.0)
    rspec-expectations (3.12.2)
      diff-lcs (>= 1.2.0, < 2.0)
      rspec-support (~> 3.12.0)
    rspec-mocks (3.12.3)
      diff-lcs (>= 1.2.0, < 2.0)
      rspec-support (~> 3.12.0)
    rspec-support (3.12.0)
    ruby2_keywords (0.0.5)
    rubyzip (2.3.2)
    selenium-webdriver (4.8.0)
      rexml (~> 3.2, >= 3.2.5)
      rubyzip (>= 1.2.2, < 3.0)
      websocket (~> 1.0)
    simplecov (0.22.0)
      docile (~> 1.1)
      simplecov-html (~> 0.11)
      simplecov_json_formatter (~> 0.1)
    simplecov-html (0.12.3)
    simplecov_json_formatter (0.1.4)
    sinatra (3.0.5)
      mustermann (~> 3.0)
      rack (~> 2.2, >= 2.2.4)
      rack-protection (= 3.0.5)
      tilt (~> 2.0)
    tilt (2.0.11)
    webrick (1.7.0)
    websocket (1.2.9)
    xpath (3.2.0)
      nokogiri (~> 1.8)

PLATFORMS
  x86_64-linux

DEPENDENCIES
  capybara (~> 3.38.0)
  rack (~> 2.2)
  rack-test (~> 2.0)
  rspec (~> 3.12)
  selenium-webdriver (~> 4.8.0)
  simplecov (~> 0.22.0)
  sinatra (~> 3.0)
  webrick (~> 1.7)

BUNDLED WITH
   2.4.1
